GEM
  remote: http://rubygems.org/
  specs:
    activemodel (3.0.0.beta4)
      activesupport (= 3.0.0.beta4)
      builder (~> 2.1.2)
      i18n (~> 0.4.1)
    activesupport (3.0.0.beta4)
    builder (2.1.2)
    i18n (0.4.1)

PLATFORMS
  ruby

DEPENDENCIES
  activemodel (>= 3.0.0.beta4)
  activesupport (>= 3.0.0.beta4)
